GEM
  remote: https://rubygems.org/
  specs:
    activesupport (4.1.4)
      i18n (~> 0.6, >= 0.6.9)
      json (~> 1.7, >= 1.7.7)
      minitest (~> 5.1)
      thread_safe (~> 0.1)
      tzinfo (~> 1.1)
    artii (2.0.4)
    faraday (0.9.0)
      multipart-post (>= 1.2, < 3)
    flippy (0.1.2)
      ruby-termios
      trollop
    http_router (0.11.1)
      rack (>= 1.0.0)
      url_mount (~> 0.2.1)
    i18n (0.6.11)
    ice_nine (0.11.0)
    ipaddress (0.8.0)
    json (1.8.1)
    lita (3.3.1)
      bundler (>= 1.3)
      faraday (>= 0.8.7)
      http_router (>= 0.11.1)
      i18n (>= 0.6.9)
      ice_nine (>= 0.11.0)
      multi_json (>= 1.7.7)
      puma (>= 2.7.1)
      rack (>= 1.5.2)
      rb-readline (>= 0.5.1)
      redis-namespace (>= 1.3.0)
      thor (>= 0.18.1)
    lita-ascii-art (0.0.2)
      artii (>= 2.0.4)
      lita (>= 3.0.0)
    lita-google-images (1.0.5)
      lita (>= 2.0)
    lita-idobata (0.0.2)
      faraday (~> 0.9.0)
      lita (>= 2.5)
      pusher-client (~> 0.6.0)
    lita-irkit (0.0.5)
      faraday (~> 0.9.0)
      lita (>= 3.0)
    lita-pebbles (0.1.7)
      flippy (~> 0.1.2)
      lita (>= 3.1)
      pebbles-suddenly_death_string (~> 0.0.4)
      rufus-scheduler (~> 3.0.7)
    lita-sushiyuki (0.0.5)
      lita (>= 3.1)
    lita-whois (0.1.0)
      ipaddress
      lita (>= 3.0)
      whois
    lita-yurudev (0.0.1)
      faraday (~> 0.9.0)
      lita (>= 3.0)
    minitest (5.4.0)
    multi_json (1.10.1)
    multipart-post (2.0.0)
    pebbles-suddenly_death_string (0.0.4)
    puma (2.9.0)
      rack (>= 1.1, < 2.0)
    pusher-client (0.6.0)
      json
      websocket (~> 1.0)
    rack (1.5.2)
    rb-readline (0.5.1)
    redis (3.1.0)
    redis-namespace (1.5.1)
      redis (~> 3.0, >= 3.0.4)
    ruby-termios (0.9.6)
    rufus-scheduler (3.0.8)
      tzinfo
    thor (0.19.1)
    thread_safe (0.3.4)
    trollop (2.0)
    tzinfo (1.2.1)
      thread_safe (~> 0.1)
    url_mount (0.2.1)
      rack
    websocket (1.2.0)
    whois (3.5.5)
      activesupport (>= 3)

PLATFORMS
  ruby

DEPENDENCIES
  lita
  lita-ascii-art
  lita-google-images
  lita-idobata
  lita-irkit (= 0.0.5)
  lita-pebbles (= 0.1.7)
  lita-sushiyuki
  lita-whois
  lita-yurudev (= 0.0.1)
